GEM
  remote: https://rubygems.org/
  specs:
    benchmark_driver (0.8.6)

PLATFORMS
  ruby

DEPENDENCIES
  benchmark_driver

BUNDLED WITH
   1.16.1
