GEM
  remote: https://rubygems.org/
  specs:
    benchmark_driver (0.5.0)

PLATFORMS
  ruby

DEPENDENCIES
  benchmark_driver

BUNDLED WITH
   1.16.0
